PATH
  remote: ../budu
  specs:
    budu (0.1.6)
      erubis
      multi_json
      rack (~> 1.0)

GEM
  remote: https://rubygems.org/
  specs:
    erubis (2.7.0)
    ffi (1.9.10)
    listen (1.3.1)
      rb-fsevent (>= 0.9.3)
      rb-inotify (>= 0.9)
      rb-kqueue (>= 0.2)
    multi_json (1.11.2)
    rack (1.6.4)
    rb-fsevent (0.9.5)
    rb-inotify (0.9.5)
      ffi (>= 0.5.0)
    rb-kqueue (0.2.4)
      ffi (>= 0.5.0)
    rerun (0.8.1)
      listen (>= 1.0.3)

PLATFORMS
  ruby

DEPENDENCIES
  budu!
  listen (= 1.3.1)
  rerun
